{
    "Modality": "MR",
    "MagneticFieldStrength": 3,
    "ImagingFrequency": 127.756,
    "Manufacturer": "GE",
    "ManufacturersModelName": "Signa_HDxt",
    "InstitutionName": "NIH_FMRIF",
    "DeviceSerialNumber": "000000000mr3t6mr",
    "StationName": "fmri3Tb",
    "PatientPosition": "HFS",
    "ProcedureStepDescription": "MRI_Procedure_Limited",
    "SoftwareVersions": "15_LX_MR_Software_release:15.0_M4A_0947.a",
    "MRAcquisitionType": "2D",
    "SeriesDescription": "Resting",
    "ProtocolName": "Resting",
    "ScanningSequence": "EP_GR",
    "SequenceVariant": "SS",
    "ScanOptions": "EPI_GEMS_ACC_GEMS",
    "ImageType": [
        "ORIGINAL",
        "PRIMARY",
        "EPI",
        "NONE"
    ],
    "SeriesNumber": 6,
    "AcquisitionNumber": 1,
    "SliceThickness": 4,
    "SpacingBetweenSlices": 4,
    "SAR": 0.352252,
    "EchoTime": 0.03,
    "RepetitionTime": 2.3,
    "FlipAngle": 90,
    "PhaseEncodingPolarityGE": "Flipped",
    "CoilString": "8HRBRAIN",
    "PercentPhaseFOV": 100,
    "PercentSampling": 100,
    "AcquisitionMatrixPE": 64,
    "ReconMatrixPE": 64,
    "EffectiveEchoSpacing": 0.000656,
    "TotalReadoutTime": 0.041328,
    "PixelBandwidth": 7812.5,
    "PhaseEncodingDirection": "i-",
    "SliceTiming": [
        0,
        1.21389,
        0.0638889,
        1.27778,
        0.127778,
        1.34167,
        0.191667,
        1.40556,
        0.255556,
        1.46944,
        0.319444,
        1.53333,
        0.383333,
        1.59722,
        0.447222,
        1.66111,
        0.511111,
        1.725,
        0.575,
        1.78889,
        0.638889,
        1.85278,
        0.702778,
        1.91667,
        0.766667,
        1.98056,
        0.830556,
        2.04444,
        0.894444,
        2.10833,
        0.958333,
        2.17222,
        1.02222,
        2.23611,
        1.08611,
        2.3
    ],
    "ImageOrientationPatientDICOM": [
        1,
        0,
        0,
        0,
        1,
        0
    ],
    "InPlanePhaseEncodingDirectionDICOM": "ROW",
    "ConversionSoftware": "dcm2niix",
    "ConversionSoftwareVersion": "v1.0.20200331",
    "AcquisitionTime": " 10:39:43"
}