{
    "Modality": "MR",
    "MagneticFieldStrength": 3,
    "ImagingFrequency": 127.825,
    "Manufacturer": "GE",
    "ManufacturersModelName": "DISCOVERY_MR750",
    "InstitutionName": "NIH_FMRIF",
    "DeviceSerialNumber": "000301496mr3T5mr",
    "StationName": "fmrif3ta",
    "BodyPartExamined": "HEAD",
    "PatientPosition": "HFS",
    "ProcedureStepDescription": "MRI_Procedure_Limited",
    "SoftwareVersions": "27_LX_MR_Software_release:DV25.1_R01_1617.b",
    "MRAcquisitionType": "2D",
    "SeriesDescription": "FMRIF_EPI_3.8mm_iso_+_ME",
    "ProtocolName": "FMRIF_EPI_3.8mm_iso_+_ME",
    "ScanningSequence": "EP_RM",
    "SequenceVariant": "NONE",
    "ScanOptions": "EPI_GEMS_ACC_GEMS",
    "ImageType": [
        "ORIGINAL",
        "PRIMARY",
        "EPI",
        "NONE"
    ],
    "SeriesNumber": 3,
    "AcquisitionNumber": 1,
    "SliceThickness": 3.8,
    "SpacingBetweenSlices": 3.8,
    "SAR": 0.248723,
    "EchoTime": 0.0148,
    "RepetitionTime": 2,
    "FlipAngle": 77,
    "PhaseEncodingPolarityGE": "Flipped",
    "CoilString": "32Ch_Head",
    "PercentPhaseFOV": 100,
    "PercentSampling": 100,
    "AcquisitionMatrixPE": 64,
    "ReconMatrixPE": 64,
    "EffectiveEchoSpacing": 0.000396,
    "TotalReadoutTime": 0.024948,
    "PixelBandwidth": 7812.5,
    "PhaseEncodingDirection": "j",
    "SliceTiming": [
        0,
        1.05882,
        0.0588235,
        1.11765,
        0.117647,
        1.17647,
        0.176471,
        1.23529,
        0.235294,
        1.29412,
        0.294118,
        1.35294,
        0.352941,
        1.41176,
        0.411765,
        1.47059,
        0.470588,
        1.52941,
        0.529412,
        1.58824,
        0.588235,
        1.64706,
        0.647059,
        1.70588,
        0.705882,
        1.76471,
        0.764706,
        1.82353,
        0.823529,
        1.88235,
        0.882353,
        1.94118,
        0.941176,
        2
    ],
    "ImageOrientationPatientDICOM": [
        1,
        -1.30971e-05,
        -0.000180515,
        0,
        0.997381,
        -0.0723201
    ],
    "InPlanePhaseEncodingDirectionDICOM": "COL",
    "ConversionSoftware": "dcm2niix",
    "ConversionSoftwareVersion": "v1.0.20200331",
    "AcquisitionTime": " 16:36:27"
}