{
    "Modality": "MR",
    "MagneticFieldStrength": 3,
    "ImagingFrequency": 127.824,
    "Manufacturer": "GE",
    "ManufacturersModelName": "DISCOVERY_MR750",
    "InstitutionName": "NIH_FMRIF",
    "DeviceSerialNumber": "000301496MR3T5MR",
    "StationName": "FMRI3ta",
    "BodyPartExamined": "HEAD",
    "PatientPosition": "HFS",
    "ProcedureStepDescription": "MRI_Procedure_Limited",
    "SoftwareVersions": "27_LX_MR_Software_release:DV26.0_R03_1831.b",
    "MRAcquisitionType": "2D",
    "SeriesDescription": "TAU_-_2_runs_(FMRIF_EPI_3mm)",
    "ProtocolName": "TAU_-_2_runs_(FMRIF_EPI_3mm)",
    "ScanningSequence": "EP_RM",
    "SequenceVariant": "NONE",
    "ScanOptions": "EPI_GEMS_ACC_GEMS",
    "ImageType": [
        "ORIGINAL",
        "PRIMARY",
        "EPI",
        "NONE"
    ],
    "SeriesNumber": 7,
    "AcquisitionNumber": 1,
    "SliceThickness": 3,
    "SpacingBetweenSlices": 3,
    "SAR": 0.0508871,
    "EchoTime": 0.025,
    "RepetitionTime": 2.3,
    "FlipAngle": 50,
    "PhaseEncodingPolarityGE": "Flipped",
    "CoilString": "32Ch_Head",
    "PercentPhaseFOV": 100,
    "PercentSampling": 100,
    "AcquisitionMatrixPE": 96,
    "ReconMatrixPE": 96,
    "EffectiveEchoSpacing": 0.000532,
    "TotalReadoutTime": 0.05054,
    "PixelBandwidth": 5208.33,
    "PhaseEncodingDirection": "j",
    "SliceTiming": [
        0,
        1.20476,
        0.0547619,
        1.25952,
        0.109524,
        1.31429,
        0.164286,
        1.36905,
        0.219048,
        1.42381,
        0.27381,
        1.47857,
        0.328571,
        1.53333,
        0.383333,
        1.5881,
        0.438095,
        1.64286,
        0.492857,
        1.69762,
        0.547619,
        1.75238,
        0.602381,
        1.80714,
        0.657143,
        1.8619,
        0.711905,
        1.91667,
        0.766667,
        1.97143,
        0.821429,
        2.02619,
        0.87619,
        2.08095,
        0.930952,
        2.13571,
        0.985714,
        2.19048,
        1.04048,
        2.24524,
        1.09524,
        2.3
    ],
    "ImageOrientationPatientDICOM": [
        1,
        0,
        0,
        0,
        1,
        0
    ],
    "InPlanePhaseEncodingDirectionDICOM": "COL",
    "ConversionSoftware": "dcm2niix",
    "ConversionSoftwareVersion": "v1.0.20200331",
    "AcquisitionTime": " 14:50:45"
}