{
    "Modality": "MR",
    "MagneticFieldStrength": 3,
    "Manufacturer": "GE",
    "ManufacturersModelName": "DISCOVERY_MR750",
    "InstitutionName": "NIH_FMRIF",
    "DeviceSerialNumber": "00000000000o2o2o",
    "StationName": "fmrif3tc",
    "PatientPosition": "HFS",
    "ProcedureStepDescription": "MRI_Procedure_Limited",
    "SoftwareVersions": "23_LX_MR_Software_release:DV22.0_V02_1122.a",
    "MRAcquisitionType": "2D",
    "SeriesDescription": "TAU_-_2_runs_(FMRIF_EPI_3mm)",
    "ProtocolName": "TAU_-_2_runs_(FMRIF_EPI_3mm)",
    "ScanningSequence": "EP_RM",
    "SequenceVariant": "NONE",
    "ScanOptions": "EPI_GEMS_ACC_GEMS",
    "ImageType": [
        "ORIGINAL",
        "PRIMARY",
        "EPI",
        "NONE"
    ],
    "SeriesNumber": 6,
    "AcquisitionNumber": 1,
    "SliceThickness": 3,
    "SpacingBetweenSlices": 3,
    "SAR": 0.11379,
    "EchoTime": 0.025,
    "RepetitionTime": 2.3,
    "FlipAngle": 50,
    "PercentPhaseFOV": 100,
    "AcquisitionMatrixPE": 96,
    "ReconMatrixPE": 96,
    "EffectiveEchoSpacing": 0.000532,
    "TotalReadoutTime": 0.05054,
    "PixelBandwidth": 5208.33,
    "PhaseEncodingAxis": "j",
    "ImageOrientationPatientDICOM": [
        1,
        0,
        0,
        0,
        1,
        0
    ],
    "InPlanePhaseEncodingDirectionDICOM": "COL",
    "ConversionSoftware": "dcm2niix",
    "ConversionSoftwareVersion": "v1.0.20180622 GCC4.8.5",
    "AcquisitionTime": " 11:32:34"
}