{
    "Modality": "MR",
    "MagneticFieldStrength": 3,
    "Manufacturer": "GE",
    "ManufacturersModelName": "DISCOVERY_MR750",
    "InstitutionName": "NIH_FMRIF",
    "DeviceSerialNumber": "00000000000o2o2o",
    "StationName": "fmrif3tc",
    "PatientPosition": "HFS",
    "ProcedureStepDescription": "MRI_Procedure_Limited",
    "SoftwareVersions": "23_LX_MR_Software_release:DV22.0_V02_1122.a",
    "MRAcquisitionType": "2D",
    "SeriesDescription": "FMRIF_EPI_3.8mm_iso_+_ME",
    "ProtocolName": "FMRIF_EPI_3.8mm_iso_+_ME",
    "ScanningSequence": "EP_RM",
    "SequenceVariant": "NONE",
    "ScanOptions": "EPI_GEMS_ACC_GEMS",
    "ImageType": [
        "ORIGINAL",
        "PRIMARY",
        "EPI",
        "NONE"
    ],
    "SeriesNumber": 4,
    "AcquisitionNumber": 1,
    "SliceThickness": 3.8,
    "SpacingBetweenSlices": 3.8,
    "SAR": 0.249468,
    "EchoTime": 0.042,
    "RepetitionTime": 2,
    "FlipAngle": 77,
    "PercentPhaseFOV": 100,
    "AcquisitionMatrixPE": 64,
    "ReconMatrixPE": 64,
    "EffectiveEchoSpacing": 0.000396,
    "TotalReadoutTime": 0.024948,
    "PixelBandwidth": 7812.5,
    "PhaseEncodingAxis": "j",
    "ImageOrientationPatientDICOM": [
        1,
        3.05176e-05,
        -0.000183137,
        0,
        0.995763,
        0.0919528
    ],
    "InPlanePhaseEncodingDirectionDICOM": "COL",
    "ConversionSoftware": "dcm2niix",
    "ConversionSoftwareVersion": "v1.0.20180622 GCC4.8.5",
    "AcquisitionTime": " 18:17:31"
}