{
    "Modality": "MR",
    "MagneticFieldStrength": 3,
    "ImagingFrequency": 127.756,
    "Manufacturer": "GE",
    "ManufacturersModelName": "Signa_HDxt",
    "InstitutionName": "NIH_FMRIF",
    "DeviceSerialNumber": "000000000mr3t6mr",
    "StationName": "fmri3Tb",
    "PatientPosition": "HFS",
    "ProcedureStepDescription": "MRI_Brain",
    "SoftwareVersions": "15_LX_MR_Software_release:15.0_M4A_0947.a",
    "MRAcquisitionType": "2D",
    "SeriesDescription": "Resting",
    "ProtocolName": "Resting",
    "ScanningSequence": "EP_GR",
    "SequenceVariant": "SS",
    "ScanOptions": "EPI_GEMS_ACC_GEMS",
    "ImageType": [
        "ORIGINAL",
        "PRIMARY",
        "EPI",
        "NONE"
    ],
    "SeriesNumber": 9,
    "AcquisitionNumber": 1,
    "SliceThickness": 4,
    "SpacingBetweenSlices": 4,
    "SAR": 0.356014,
    "EchoTime": 0.03,
    "RepetitionTime": 2,
    "FlipAngle": 90,
    "PhaseEncodingPolarityGE": "Flipped",
    "CoilString": "8HRBRAIN",
    "PercentPhaseFOV": 100,
    "PercentSampling": 100,
    "AcquisitionMatrixPE": 64,
    "ReconMatrixPE": 64,
    "EffectiveEchoSpacing": 0.000656,
    "TotalReadoutTime": 0.041328,
    "PixelBandwidth": 7812.5,
    "PhaseEncodingDirection": "i-",
    "SliceTiming": [
        0,
        1.05556,
        0.0555556,
        1.11111,
        0.111111,
        1.16667,
        0.166667,
        1.22222,
        0.222222,
        1.27778,
        0.277778,
        1.33333,
        0.333333,
        1.38889,
        0.388889,
        1.44444,
        0.444444,
        1.5,
        0.5,
        1.55556,
        0.555556,
        1.61111,
        0.611111,
        1.66667,
        0.666667,
        1.72222,
        0.722222,
        1.77778,
        0.777778,
        1.83333,
        0.833333,
        1.88889,
        0.888889,
        1.94444,
        0.944444,
        2
    ],
    "ImageOrientationPatientDICOM": [
        1,
        0,
        0,
        0,
        1,
        0
    ],
    "InPlanePhaseEncodingDirectionDICOM": "ROW",
    "ConversionSoftware": "dcm2niix",
    "ConversionSoftwareVersion": "v1.0.20200331",
    "AcquisitionTime": " 17:49:13"
}