{
    "Modality": "MR",
    "MagneticFieldStrength": 3,
    "Manufacturer": "GE",
    "ManufacturersModelName": "DISCOVERY_MR750",
    "InstitutionName": "NIH_FMRIF",
    "DeviceSerialNumber": "000301496mr3T5mr",
    "StationName": "FMRI3ta",
    "BodyPartExamined": "HEAD",
    "PatientPosition": "HFS",
    "ProcedureStepDescription": "MRI_Brain",
    "SoftwareVersions": "27_LX_MR_Software_release:DV26.0_R03_1831.b",
    "MRAcquisitionType": "2D",
    "SeriesDescription": "FMRIF_EPI_3.8mm_iso_+_ME",
    "ProtocolName": "FMRIF_EPI_3.8mm_iso_+_ME",
    "ScanningSequence": "EP_RM",
    "SequenceVariant": "NONE",
    "ScanOptions": "EPI_GEMS_ACC_GEMS",
    "ImageType": [
        "ORIGINAL",
        "PRIMARY",
        "EPI",
        "NONE"
    ],
    "SeriesNumber": 7,
    "AcquisitionNumber": 1,
    "SliceThickness": 3.8,
    "SpacingBetweenSlices": 3.8,
    "SAR": 0.143565,
    "EchoTime": 0.0422,
    "RepetitionTime": 2,
    "FlipAngle": 77,
    "PercentPhaseFOV": 100,
    "AcquisitionMatrixPE": 64,
    "ReconMatrixPE": 64,
    "EffectiveEchoSpacing": 0.000396,
    "TotalReadoutTime": 0.024948,
    "PixelBandwidth": 7812.5,
    "PhaseEncodingAxis": "j",
    "ImageOrientationPatientDICOM": [
        0.99799,
        1e-05,
        -0.06334,
        0.00428,
        0.99771,
        0.06756
    ],
    "InPlanePhaseEncodingDirectionDICOM": "COL",
    "ConversionSoftware": "dcm2niix",
    "ConversionSoftwareVersion": "v1.0.20180622 GCC4.8.5",
    "AcquisitionTime": " 18:50:38"
}