{
    "Modality": "MR",
    "MagneticFieldStrength": 3,
    "ImagingFrequency": 127.756,
    "Manufacturer": "GE",
    "ManufacturersModelName": "Signa_HDxt",
    "InstitutionName": "NIH_FMRIF",
    "DeviceSerialNumber": "000000000mr3t6mr",
    "StationName": "fmri3Tb",
    "PatientPosition": "HFS",
    "ProcedureStepDescription": "MRI_Procedure_Limited",
    "SoftwareVersions": "15_LX_MR_Software_release:15.0_M4A_0947.a",
    "MRAcquisitionType": "3D",
    "SeriesDescription": "MPRage_1.2_MM",
    "ProtocolName": "MPRage_1.2_MM",
    "ScanningSequence": "RM",
    "SequenceVariant": "NONE",
    "ScanOptions": "ACC_GEMS",
    "ImageType": [
        "ORIGINAL",
        "PRIMARY",
        "OTHER"
    ],
    "SeriesNumber": 7,
    "AcquisitionNumber": 1,
    "SliceThickness": 1.2,
    "SpacingBetweenSlices": 1.2,
    "SAR": 0.111174,
    "EchoTime": 0.003024,
    "RepetitionTime": 0.007816,
    "InversionTime": 0.725,
    "FlipAngle": 6,
    "CoilString": "8HRBRAIN",
    "PercentPhaseFOV": 100,
    "PercentSampling": 100,
    "AcquisitionMatrixPE": 192,
    "ReconMatrixPE": 256,
    "PixelBandwidth": 244.141,
    "ImageOrientationPatientDICOM": [
        1,
        0,
        0,
        0,
        1,
        0
    ],
    "InPlanePhaseEncodingDirectionDICOM": "ROW",
    "ConversionSoftware": "dcm2niix",
    "ConversionSoftwareVersion": "v1.0.20200331",
    "AcquisitionTime": " 16:22:56"
}