{
    "Modality": "MR",
    "MagneticFieldStrength": 3,
    "ImagingFrequency": 127.756,
    "Manufacturer": "GE",
    "ManufacturersModelName": "Signa_HDxt",
    "InstitutionName": "NIH_FMRIF",
    "DeviceSerialNumber": "000000000mr3t6mr",
    "StationName": "fmri3Tb",
    "PatientPosition": "HFS",
    "ProcedureStepDescription": "MRI_Procedure_Limited",
    "SoftwareVersions": "15_LX_MR_Software_release:15.0_M4A_0947.a",
    "MRAcquisitionType": "2D",
    "SeriesDescription": "TAU-_2_runs",
    "ProtocolName": "TAU-_2_runs",
    "ScanningSequence": "EP_RM",
    "SequenceVariant": "NONE",
    "ScanOptions": "EPI_GEMS_ACC_GEMS_PFF",
    "ImageType": [
        "ORIGINAL",
        "PRIMARY",
        "EPI",
        "NONE"
    ],
    "SeriesNumber": 4,
    "AcquisitionNumber": 1,
    "SliceThickness": 3,
    "SpacingBetweenSlices": 3,
    "SAR": 0.11108,
    "EchoTime": 0.025,
    "RepetitionTime": 2.3,
    "FlipAngle": 50,
    "PhaseEncodingPolarityGE": "Flipped",
    "CoilString": "8HRBRAIN",
    "PercentPhaseFOV": 100,
    "PercentSampling": 100,
    "AcquisitionMatrixPE": 96,
    "ReconMatrixPE": 96,
    "EffectiveEchoSpacing": 0.000772,
    "TotalReadoutTime": 0.07334,
    "PixelBandwidth": 5208.33,
    "PhaseEncodingDirection": "j",
    "SliceTiming": [
        0,
        1.17805,
        0.0560976,
        1.23415,
        0.112195,
        1.29024,
        0.168293,
        1.34634,
        0.22439,
        1.40244,
        0.280488,
        1.45854,
        0.336585,
        1.51463,
        0.392683,
        1.57073,
        0.44878,
        1.62683,
        0.504878,
        1.68293,
        0.560976,
        1.73902,
        0.617073,
        1.79512,
        0.673171,
        1.85122,
        0.729268,
        1.90732,
        0.785366,
        1.96341,
        0.841463,
        2.01951,
        0.897561,
        2.07561,
        0.953659,
        2.13171,
        1.00976,
        2.1878,
        1.06585,
        2.2439,
        1.12195
    ],
    "ImageOrientationPatientDICOM": [
        1,
        0,
        0,
        0,
        1,
        0
    ],
    "InPlanePhaseEncodingDirectionDICOM": "COL",
    "ConversionSoftware": "dcm2niix",
    "ConversionSoftwareVersion": "v1.0.20200331",
    "AcquisitionTime": " 11:35:45"
}